GIT
  remote: http://github.com/projectblacklight/blacklight.git
  revision: 4073b7e2a0898ff4a7f151dec29159d8e24ea698
  specs:
    blacklight (3.7.1)
      compass-rails (~> 1.0.0)
      compass-susy-plugin (>= 0.9.0)
      kaminari (~> 0.13)
      marc (>= 0.4.3, < 1.1)
      nokogiri (~> 1.5)
      rails (~> 3.1)
      rsolr (~> 1.0.6)
      rsolr-ext (~> 1.0.3)
      sass-rails
      unicode

GEM
  remote: http://rubygems.org/
  remote: http://sul-gems.stanford.edu/
  specs:
    RedCloth (4.2.9)
    about_page (0.0.4)
      rails (~> 3.2)
    actionmailer (3.2.3)
      actionpack (= 3.2.3)
      mail (~> 2.4.4)
    actionpack (3.2.3)
      activemodel (= 3.2.3)
      activesupport (= 3.2.3)
      builder (~> 3.0.0)
      erubis (~> 2.7.0)
      journey (~> 1.0.1)
      rack (~> 1.4.0)
      rack-cache (~> 1.2)
      rack-test (~> 0.6.1)
      sprockets (~> 2.1.2)
    active-fedora (4.5.3)
      activeresource (>= 3.0.0)
      activesupport (>= 3.0.0)
      deprecation
      equivalent-xml
      mediashelf-loggable
      om (~> 1.6.0)
      rdf
      rdf-rdfxml (~> 0.3.8)
      rsolr
      rubydora (~> 0.5.13)
      solrizer (~> 1.2.0)
    activemodel (3.2.3)
      activesupport (= 3.2.3)
      builder (~> 3.0.0)
    activerecord (3.2.3)
      activemodel (= 3.2.3)
      activesupport (= 3.2.3)
      arel (~> 3.0.2)
      tzinfo (~> 0.3.29)
    activeresource (3.2.3)
      activemodel (= 3.2.3)
      activesupport (= 3.2.3)
    activesupport (3.2.3)
      i18n (~> 0.6)
      multi_json (~> 1.0)
    addressable (2.3.2)
    akami (1.2.0)
      gyoku (>= 0.4.0)
      nokogiri (>= 1.4.0)
    arel (3.0.2)
    assembly-objectfile (1.4.5)
      mime-types
      mini_exiftool
      nokogiri
    awesome_print (1.1.0)
    bagit (0.2.0)
      validatable (~> 1.6)
    bcrypt-ruby (3.0.1)
    block_helpers (0.3.3)
      activesupport (>= 2.0)
    bootstrap-datepicker-rails (0.6.18)
      railties (>= 3.0)
    builder (3.0.4)
    cancan (1.6.8)
    capybara (1.1.2)
      mime-types (>= 1.16)
      nokogiri (>= 1.3.3)
      rack (>= 1.0.0)
      rack-test (>= 0.5.4)
      selenium-webdriver (~> 2.0)
      xpath (~> 0.1.4)
    carrierwave (0.6.2)
      activemodel (>= 3.2.0)
      activesupport (>= 3.2.0)
    childprocess (0.3.5)
      ffi (~> 1.0, >= 1.0.6)
    chunky_png (1.2.6)
    coderay (1.0.8)
    coffee-rails (3.2.2)
      coffee-script (>= 2.2.0)
      railties (~> 3.2.0)
    coffee-script (2.2.0)
      coffee-script-source
      execjs
    coffee-script-source (1.3.3)
    columnize (0.3.6)
    compass (0.12.2)
      chunky_png (~> 1.2)
      fssm (>= 0.2.7)
      sass (~> 3.1)
    compass-rails (1.0.3)
      compass (>= 0.12.2, < 0.14)
    compass-susy-plugin (0.9)
      compass (>= 0.11.1)
    compass_twitter_bootstrap (2.0.3)
      compass
    confstruct (0.2.5)
    cucumber (1.2.1)
      builder (>= 2.1.2)
      diff-lcs (>= 1.1.3)
      gherkin (~> 2.11.0)
      json (>= 1.4.6)
    cucumber-rails (1.3.0)
      capybara (>= 1.1.2)
      cucumber (>= 1.1.8)
      nokogiri (>= 1.5.0)
    daemons (1.1.9)
    database_cleaner (0.8.0)
    debugger (1.2.0)
      columnize (>= 0.3.1)
      debugger-linecache (~> 1.1.1)
      debugger-ruby_core_source (~> 1.1.3)
    debugger-linecache (1.1.2)
      debugger-ruby_core_source (>= 1.1.1)
    debugger-ruby_core_source (1.1.3)
    deprecation (0.0.5)
      activesupport
    devise (2.1.2)
      bcrypt-ruby (~> 3.0)
      orm_adapter (~> 0.1)
      railties (~> 3.1)
      warden (~> 1.2.1)
    diff-lcs (1.1.3)
    dor-services (3.17.6)
      active-fedora (~> 4.5)
      confstruct (>= 0.2.2)
      dor-workflow-service (>= 1.1.0)
      druid-tools (>= 0.2.2)
      equivalent-xml (>= 0.2.2)
      json
      lyber-utils
      moab-versioning (>= 1.2.0)
      net-sftp
      net-ssh
      nokogiri (~> 1.5.0)
      om (>= 1.5.0)
      progressbar
      rest-client
      rsolr-client-cert (>= 0.5.1)
      rsolr-ext
      ruby-cache
      ruby-graphviz
      systemu
      uuidtools
      validatable
    dor-workflow-service (1.1.0)
      activesupport
      confstruct
      nokogiri
      rest-client
    druid-tools (0.2.3)
    dynamic_form (1.1.4)
    equivalent-xml (0.3.0)
      nokogiri (>= 1.4.3)
    erubis (2.7.0)
    execjs (1.4.0)
      multi_json (~> 1.0)
    fastercsv (1.5.5)
    ffi (1.1.5)
    fssm (0.2.9)
    gherkin (2.11.4)
      json (>= 1.4.6)
    gyoku (0.4.6)
      builder (>= 2.1.2)
    happymapper (0.4.0)
      libxml-ruby (~> 2.0)
    hashery (2.1.0)
    hike (1.2.1)
    hooks (0.2.2)
    httpi (1.1.1)
      rack
    hydra-access-controls (0.0.5)
      active-fedora
      activesupport
      blacklight
      cancan
      deprecation
    hydra-head (4.1.1)
      RedCloth (= 4.2.9)
      active-fedora (~> 4.1)
      blacklight (~> 3.4)
      block_helpers
      deprecation (>= 0.0.5)
      devise
      hydra-access-controls (>= 0.0.5)
      hydra-mods (>= 0.0.5)
      jquery-rails
      rails (~> 3.2.3)
      sanitize
    hydra-mods (0.0.5)
      active-fedora (~> 4.1)
    i18n (0.6.1)
    is_it_working-cbeer (1.0.16)
    jettywrapper (1.3.2)
      activesupport (>= 3.0.0)
      childprocess
      i18n
      logger
      mediashelf-loggable
    journey (1.0.4)
    jquery-rails (2.1.3)
      railties (>= 3.1.0, < 5.0)
      thor (~> 0.14)
    json (1.7.5)
    kaminari (0.14.1)
      actionpack (>= 3.0.0)
      activesupport (>= 3.0.0)
    launchy (2.1.2)
      addressable (~> 2.3)
    libv8 (3.3.10.4)
    libwebsocket (0.1.5)
      addressable
    libxml-ruby (2.3.3)
    logger (1.2.8)
    looksee (1.0.3)
    lyber-utils (0.1.2)
      bagit (>= 0.1.0)
      nokogiri (>= 1.4.3.1)
      systemu (>= 1.2.0)
      validatable
    mail (2.4.4)
      i18n (>= 0.4.0)
      mime-types (~> 1.16)
      treetop (~> 1.4.8)
    marc (0.5.0)
    mediashelf-loggable (0.4.9)
    mime-types (1.19)
    mini_exiftool (1.6.0)
    moab-versioning (1.2.1)
      confstruct
      happymapper
      hashery (>= 2.0.0)
      json
      nokogiri
      systemu
    multi_json (1.5.0)
    mysql (2.8.1)
    net-sftp (2.0.5)
      net-ssh (>= 2.0.9)
    net-ssh (2.6.2)
    nokogiri (1.5.5)
    nori (1.1.3)
    om (1.6.1)
      mediashelf-loggable
      nokogiri (>= 1.4.2)
    orm_adapter (0.4.0)
    polyglot (0.3.3)
    progressbar (0.12.0)
    quiet_assets (1.0.1)
      railties (~> 3.1)
    rack (1.4.1)
    rack-cache (1.2)
      rack (>= 0.4)
    rack-ssl (1.3.2)
      rack
    rack-test (0.6.2)
      rack (>= 1.0)
    rails (3.2.3)
      actionmailer (= 3.2.3)
      actionpack (= 3.2.3)
      activerecord (= 3.2.3)
      activeresource (= 3.2.3)
      activesupport (= 3.2.3)
      bundler (~> 1.0)
      railties (= 3.2.3)
    railties (3.2.3)
      actionpack (= 3.2.3)
      activesupport (= 3.2.3)
      rack-ssl (~> 1.3.2)
      rake (>= 0.8.7)
      rdoc (~> 3.4)
      thor (~> 0.14.6)
    rake (0.9.2.2)
    rdf (0.3.11)
      addressable (>= 2.2.6)
    rdf-rdfxml (0.3.9)
      rdf (>= 0.3.11)
      rdf-xsd (>= 0.3.8)
    rdf-xsd (0.3.8)
      rdf (>= 0.3.4)
    rdoc (3.12)
      json (~> 1.4)
    rest-client (1.6.7)
      mime-types (>= 1.16)
    rsolr (1.0.8)
      builder (>= 2.1.2)
    rsolr-client-cert (0.5.2)
      rest-client
      rsolr
    rsolr-ext (1.0.3)
      rsolr (>= 1.0.2)
    rspec (2.11.0)
      rspec-core (~> 2.11.0)
      rspec-expectations (~> 2.11.0)
      rspec-mocks (~> 2.11.0)
    rspec-core (2.11.1)
    rspec-expectations (2.11.3)
      diff-lcs (~> 1.1.3)
    rspec-mocks (2.11.3)
    rspec-rails (2.11.0)
      actionpack (>= 3.0)
      activesupport (>= 3.0)
      railties (>= 3.0)
      rspec (~> 2.11.0)
    ruby-cache (0.3.0)
    ruby-graphviz (1.0.8)
    ruby-prof (0.11.2)
    rubydora (0.5.13)
      activemodel
      activesupport
      deprecation
      fastercsv
      hooks
      mime-types
      nokogiri
      rest-client
      savon
    rubyzip (0.9.9)
    sanitize (2.0.3)
      nokogiri (>= 1.4.4, < 1.6)
    sass (3.2.1)
    sass-rails (3.2.5)
      railties (~> 3.2.0)
      sass (>= 3.1.10)
      tilt (~> 1.3)
    savon (1.2.0)
      akami (~> 1.2.0)
      builder (>= 2.1.2)
      gyoku (~> 0.4.5)
      httpi (~> 1.1.0)
      nokogiri (>= 1.4.0)
      nori (~> 1.1.0)
      wasabi (~> 2.5.0)
    selenium-webdriver (2.25.0)
      childprocess (>= 0.2.5)
      libwebsocket (~> 0.1.3)
      multi_json (~> 1.0)
      rubyzip
    simplecov (0.6.4)
      multi_json (~> 1.0)
      simplecov-html (~> 0.5.3)
    simplecov-html (0.5.3)
    simplecov-rcov (0.2.3)
      simplecov (>= 0.4.1)
    solrizer (1.2.2)
      daemons
      mediashelf-loggable (~> 0.4.7)
      nokogiri
      om (>= 1.5.0)
      stomp
      xml-simple
    solrizer-fedora (2.2.0)
      active-fedora (~> 4.0)
    sprockets (2.1.3)
      hike (~> 1.2)
      rack (~> 1.0)
      tilt (~> 1.1, != 1.3.0)
    sqlite3 (1.3.6)
    stomp (1.2.7)
    sul_chrome (0.0.1.pre6)
      compass-rails
      compass_twitter_bootstrap
      rails (>= 3.1.0)
    systemu (2.5.2)
    therubyracer (0.10.2)
      libv8 (~> 3.3.10)
    thor (0.14.6)
    tilt (1.3.3)
    treetop (1.4.10)
      polyglot
      polyglot (>= 0.3.1)
    tzinfo (0.3.33)
    uglifier (1.3.0)
      execjs (>= 0.3.0)
      multi_json (~> 1.0, >= 1.0.2)
    unicode (0.4.3)
    uuidtools (2.1.3)
    validatable (1.6.7)
    validates_email_format_of (1.5.3)
    warden (1.2.1)
      rack (>= 1.0)
    wasabi (2.5.1)
      httpi (~> 1.0)
      nokogiri (>= 1.4.0)
    xml-simple (1.1.2)
    xpath (0.1.4)
      nokogiri (~> 1.3)

PLATFORMS
  ruby

DEPENDENCIES
  about_page
  assembly-objectfile (>= 1.4.5)
  awesome_print
  blacklight (~> 3.5)!
  bootstrap-datepicker-rails
  cancan
  carrierwave
  coderay
  coffee-rails (~> 3.2.1)
  compass-rails (~> 1.0.0)
  compass-susy-plugin (~> 0.9.0)
  compass_twitter_bootstrap
  cucumber-rails
  database_cleaner
  debugger
  devise
  dor-services
  druid-tools (>= 0.2.0)
  dynamic_form
  hydra-head (~> 4.1.1)
  is_it_working-cbeer (~> 1.0.13)
  jettywrapper
  jquery-rails
  launchy
  looksee
  mysql
  quiet_assets
  rails (= 3.2.3)
  rsolr-client-cert (>= 0.5.2)
  rspec-rails (>= 2.9.0)
  ruby-prof
  rubydora (~> 0.5.11)
  sass-rails (~> 3.2.3)
  simplecov
  simplecov-rcov
  solrizer-fedora
  sqlite3
  sul_chrome
  therubyracer
  uglifier (>= 1.0.3)
  validates_email_format_of
